GEM
  remote: https://rubygems.org/
  specs:
    autoprefixer-rails (6.4.1.1)
      execjs
    bootstrap (4.0.0.alpha4)
      autoprefixer-rails (>= 6.0.3)
      sass (>= 3.4.19)
    execjs (2.7.0)
    sass (3.4.22)

PLATFORMS
  ruby

DEPENDENCIES
  bootstrap (~> 4.0.0.alpha4)

BUNDLED WITH
   1.12.5
